GEM
  remote: https://rubygems.org/
  specs:
    json (1.8.2)
    liquid (3.0.1)

PLATFORMS
  ruby

DEPENDENCIES
  json
  liquid
