GEM
  remote: https://rubygems.org/
  specs:
    json (1.7.7)
    liquid (2.5.0)

PLATFORMS
  ruby

DEPENDENCIES
  json
  liquid
